GEM
  remote: https://rubygems.org/
  specs:
    metaclass (0.0.1)
    minitest (4.7.3)
    mocha (0.13.3)
      metaclass (~> 0.0.1)
    msgpack (0.5.4)
    mysql2 (0.3.11)
    redis (3.0.3)

PLATFORMS
  ruby

DEPENDENCIES
  minitest
  mocha
  msgpack
  mysql2
  redis
