GEM
  remote: https://rubygems.org/
  specs:
    minitest (4.7.3)
    msgpack (0.5.4)
    mynyml-redgreen (0.7.1)
      term-ansicolor (>= 1.0.4)
    mysql2 (0.3.11)
    redis (3.0.3)
    sys-proctable (0.9.3)
    term-ansicolor (1.1.5)

PLATFORMS
  ruby

DEPENDENCIES
  minitest
  msgpack
  mynyml-redgreen
  mysql2
  redis
  sys-proctable
