GEM
  remote: https://rubygems.org/
  specs:
    coderay (1.0.9)
    method_source (0.8.1)
    minitest (4.7.3)
    msgpack (0.5.4)
    mynyml-redgreen (0.7.1)
      term-ansicolor (>= 1.0.4)
    mysql2 (0.3.11)
    pry (0.9.12.1)
      coderay (~> 1.0.5)
      method_source (~> 0.8)
      slop (~> 3.4)
    redis (3.0.3)
    slop (3.4.4)
    sys-proctable (0.9.3)
    term-ansicolor (1.1.5)

PLATFORMS
  ruby

DEPENDENCIES
  minitest
  msgpack
  mynyml-redgreen
  mysql2
  pry
  redis
  sys-proctable
